{
    "Modality": "MR",
    "MagneticFieldStrength": 3,
    "ImagingFrequency": 123.247,
    "Manufacturer": "Siemens",
    "ManufacturersModelName": "Prisma_fit",
    "InstitutionName": "Penn State SLEIC",
    "InstitutionalDepartmentName": "Department",
    "InstitutionAddress": "University Park Chandlee Laboratory,State College,PA,US,16802",
    "DeviceSerialNumber": "67039",
    "StationName": "AWP67039",
    "BodyPartExamined": "BRAIN",
    "PatientPosition": "HFS",
    "ProcedureStepDescription": "Investigators 20 ch^fgh3",
    "SoftwareVersions": "syngo MR E11",
    "MRAcquisitionType": "2D",
    "SeriesDescription": "T2_FLAIR_AX",
    "ProtocolName": "T2_FLAIR_AX",
    "ScanningSequence": "SE\\IR",
    "SequenceVariant": "SK\\SP\\MP",
    "ScanOptions": "IR\\FS",
    "SequenceName": "*tir2d1_23",
    "ImageType": [
        "ORIGINAL",
        "PRIMARY",
        "M",
        "ND",
        "NORM"
    ],
    "NonlinearGradientCorrection": false,
    "SeriesNumber": 13,
    "AcquisitionTime": "14:44:17.075000",
    "AcquisitionNumber": 1,
    "SliceThickness": 4,
    "SpacingBetweenSlices": 4.8,
    "SAR": 0.432908,
    "EchoTime": 0.124,
    "RepetitionTime": 9,
    "SpoilingState": true,
    "InversionTime": 2.5,
    "FlipAngle": 150,
    "PartialFourier": 1,
    "Interpolation2D": 1,
    "BaseResolution": 256,
    "ShimSetting": [
        -1922,
        8258,
        9494,
        431,
        -10,
        -289,
        -1,
        16
    ],
    "TxRefAmp": 274.414,
    "PhaseResolution": 1,
    "ReceiveCoilName": "HeadNeck_20",
    "ReceiveCoilActiveElements": "HE1-4;NE1,2",
    "PulseSequenceDetails": "%SiemensSeq%\\tse",
    "RefLinesPE": 59,
    "CoilCombinationMethod": "Adaptive Combine",
    "ConsistencyInfo": "N4_VE11C_LATEST_20160120",
    "MatrixCoilMode": "GRAPPA",
    "PercentPhaseFOV": 84.375,
    "PercentSampling": 100,
    "EchoTrainLength": 23,
    "PhaseEncodingSteps": 215,
    "AcquisitionMatrixPE": 216,
    "ReconMatrixPE": 432,
    "ParallelReductionFactorInPlane": 2,
    "PixelBandwidth": 285,
    "DwellTime": 6.8e-06,
    "PhaseEncodingDirection": "i",
    "SliceTiming": [
        0,
        63,
        0.21875,
        63.2188,
        0.4375,
        63.4375,
        0.67188,
        63.6719,
        0.89062,
        63.8906,
        1.10938,
        64.1094,
        1.32812,
        64.3281,
        1.5625,
        64.5625,
        1.78125,
        64.7812,
        2,
        65,
        2.21875,
        65.2188,
        2.45312,
        65.4531,
        2.67188,
        65.6719,
        2.89062,
        65.8906,
        3.10938,
        66.1094,
        3.34375,
        66.3438
    ],
    "ImageOrientationPatientDICOM": [
        1,
        4.868e-12,
        -5.29e-13,
        -4.897e-12,
        0.994151,
        -0.107999
    ],
    "ImageOrientationText": "Tra>Cor(-6.2)",
    "InPlanePhaseEncodingDirectionDICOM": "ROW",
    "ConversionSoftware": "dcm2niix",
    "ConversionSoftwareVersion": "v1.0.20220720",
    "Dcm2bidsVersion": "2.1.7"
}