{
    "Modality": "MR",
    "MagneticFieldStrength": 3,
    "ImagingFrequency": 123.247,
    "Manufacturer": "Siemens",
    "ManufacturersModelName": "Prisma_fit",
    "InstitutionName": "Penn State SLEIC",
    "InstitutionalDepartmentName": "Department",
    "InstitutionAddress": "University Park Chandlee Laboratory,State College,PA,US,16802",
    "DeviceSerialNumber": "67039",
    "StationName": "AWP67039",
    "BodyPartExamined": "BRAIN",
    "PatientPosition": "HFS",
    "ProcedureStepDescription": "Investigators 20 ch^fgh3",
    "SoftwareVersions": "syngo MR E11",
    "MRAcquisitionType": "2D",
    "SeriesDescription": "rest_1_mb",
    "ProtocolName": "rest_1_mb",
    "ScanningSequence": "EP",
    "SequenceVariant": "SK\\SS",
    "ScanOptions": "FS\\EXT",
    "SequenceName": "epfid2d1_80",
    "ImageType": [
        "ORIGINAL",
        "PRIMARY",
        "M",
        "ND",
        "NORM",
        "MOSAIC"
    ],
    "NonlinearGradientCorrection": false,
    "SeriesNumber": 3,
    "AcquisitionTime": "13:57:53.840000",
    "AcquisitionNumber": 1,
    "SliceThickness": 4,
    "SpacingBetweenSlices": 4,
    "SAR": 0.120655,
    "EchoTime": 0.03,
    "RepetitionTime": 2,
    "FlipAngle": 90,
    "PartialFourier": 1,
    "BaseResolution": 80,
    "ShimSetting": [
        -1922,
        8256,
        9502,
        456,
        -2,
        -239,
        -1,
        23
    ],
    "TxRefAmp": 274.414,
    "PhaseResolution": 1,
    "ReceiveCoilName": "HeadNeck_20",
    "ReceiveCoilActiveElements": "HE1-4;NE1,2",
    "PulseSequenceDetails": "%CustomerSeq%\\cmrr_mbep2d_bold",
    "WipMemBlock": "cb5c2968-049a-49e4-b503-443420fdd7fd||Sequence: R016 ve11c/master r/e634e98; Dec 19 2017 11:00:25 by eja",
    "RefLinesPE": 24,
    "CoilCombinationMethod": "Sum of Squares",
    "ConsistencyInfo": "N4_VE11C_LATEST_20160120",
    "MatrixCoilMode": "GRAPPA",
    "PercentPhaseFOV": 100,
    "PercentSampling": 100,
    "EchoTrainLength": 39,
    "PhaseEncodingSteps": 79,
    "AcquisitionMatrixPE": 80,
    "ReconMatrixPE": 80,
    "BandwidthPerPixelPhaseEncode": 47.17,
    "ParallelReductionFactorInPlane": 2,
    "EffectiveEchoSpacing": 0.000264999,
    "DerivedVendorReportedEchoSpacing": 0.000529998,
    "TotalReadoutTime": 0.0209349,
    "PixelBandwidth": 2230,
    "DwellTime": 2.8e-06,
    "PhaseEncodingDirection": "j-",
    "SliceTiming": [
        0,
        1.02,
        0.0575,
        1.075,
        0.115,
        1.1325,
        0.17,
        1.19,
        0.2275,
        1.245,
        0.285,
        1.3025,
        0.34,
        1.3575,
        0.3975,
        1.415,
        0.4525,
        1.4725,
        0.51,
        1.5275,
        0.5675,
        1.585,
        0.6225,
        1.6425,
        0.68,
        1.6975,
        0.7375,
        1.755,
        0.7925,
        1.81,
        0.85,
        1.8675,
        0.905,
        1.925,
        0.9625
    ],
    "ImageOrientationPatientDICOM": [
        1,
        0,
        0,
        0,
        0.994151,
        -0.107999
    ],
    "ImageOrientationText": "Tra>Cor(-6.2)",
    "InPlanePhaseEncodingDirectionDICOM": "COL",
    "ConversionSoftware": "dcm2niix",
    "ConversionSoftwareVersion": "v1.0.20220720",
    "Dcm2bidsVersion": "2.1.7"
}